PATH
  remote: .
  specs:
    sidekiq-fast-enq (1.0.2)
      sidekiq (>= 3.4)

GEM
  remote: https://rubygems.org/
  specs:
    appraisal (2.2.0)
      bundler
      rake
      thor (>= 0.14.0)
    connection_pool (2.2.5)
    diff-lcs (1.3)
    rack (2.2.3)
    rake (13.0.1)
    redis (4.5.1)
    rspec (3.9.0)
      rspec-core (~> 3.9.0)
      rspec-expectations (~> 3.9.0)
      rspec-mocks (~> 3.9.0)
    rspec-core (3.9.1)
      rspec-support (~> 3.9.1)
    rspec-expectations (3.9.0)
      diff-lcs (>= 1.2.0, < 2.0)
      rspec-support (~> 3.9.0)
    rspec-mocks (3.9.1)
      diff-lcs (>= 1.2.0, < 2.0)
      rspec-support (~> 3.9.0)
    rspec-support (3.9.2)
    sidekiq (6.4.0)
      connection_pool (>= 2.2.2)
      rack (~> 2.0)
      redis (>= 4.2.0)
    thor (1.0.1)
    timecop (0.9.1)

PLATFORMS
  ruby

DEPENDENCIES
  appraisal
  bundler
  rake
  rspec
  sidekiq-fast-enq!
  timecop

BUNDLED WITH
   2.1.4
